GEM
  remote: http://rubygems.org/
  specs:
    git (1.2.5)
    hash-utils (0.13.1)
    jeweler (1.5.2)
      bundler (~> 1.0.0)
      git (>= 1.2.5)
      rake
    rake (0.8.7)
    riot (0.12.3)
      rr
    rr (1.0.2)

PLATFORMS
  ruby

DEPENDENCIES
  bundler (~> 1.0.0)
  hash-utils (>= 0.12.1)
  jeweler (~> 1.5.2)
  riot (>= 0.12.1)
